GEM
  remote: https://rubygems.org/
  specs:
    equatable (0.6.1)
    necromancer (0.5.0)
    nio4r (2.5.2)
    pastel (0.7.3)
      equatable (~> 0.6)
      tty-color (~> 0.5)
    puma (4.3.3)
      nio4r (~> 2.0)
    rack (2.2.2)
    strings (0.1.6)
      strings-ansi (~> 0.1)
      unicode-display_width (~> 1.5)
      unicode_utils (~> 1.4)
    strings-ansi (0.1.0)
    tty-color (0.5.0)
    tty-screen (0.7.0)
    tty-table (0.11.0)
      equatable (~> 0.6)
      necromancer (~> 0.5)
      pastel (~> 0.7.2)
      strings (~> 0.1.5)
      tty-screen (~> 0.7)
    unicode-display_width (1.7.0)
    unicode_utils (1.4.0)

PLATFORMS
  ruby

DEPENDENCIES
  puma
  rack
  tty-table

BUNDLED WITH
   2.1.2
